GEM
  remote: https://rubygems.org/
  specs:
    aws-s3 (0.6.3)
      builder
      mime-types
      xml-simple
    builder (3.2.0)
    haml (4.0.2)
      tilt
    mime-types (1.22)
    rake (10.0.4)
    redcarpet (2.2.2)
    safe_yaml (0.9.0)
    tilt (1.3.7)
    xml-simple (1.1.2)

PLATFORMS
  ruby

DEPENDENCIES
  aws-s3
  haml
  rake
  redcarpet
  safe_yaml
