GEM
  remote: https://rubygems.org/
  specs:
    haml (4.0.2)
      tilt
    rake (10.0.4)
    redcarpet (2.2.2)
    safe_yaml (0.9.0)
    tilt (1.3.7)

PLATFORMS
  ruby

DEPENDENCIES
  haml
  rake
  redcarpet
  safe_yaml
